GEM
  remote: https://rubygems.org/
  specs:
    byebug (11.1.3)
    coderay (1.1.3)
    commander-openflighthpc (2.2.0)
      highline (> 1.7.2)
      paint (~> 2.1.0)
      slop (~> 4.8)
    hashie (4.1.0)
    highline (2.0.3)
    method_source (1.0.0)
    paint (2.1.1)
    pry (0.13.1)
      coderay (~> 1.1)
      method_source (~> 1.0)
    pry-byebug (3.9.0)
      byebug (~> 11.0)
      pry (~> 0.13.0)
    slop (4.8.2)
    xdg (4.2.0)

PLATFORMS
  ruby

DEPENDENCIES
  commander-openflighthpc (~> 2.1)
  hashie
  pry
  pry-byebug
  xdg

BUNDLED WITH
   2.1.4
